PATH
  remote: .
  specs:
    feedvalidator (0.2.0)

GEM
  remote: https://rubygems.org/
  specs:
    rake (10.0.4)

PLATFORMS
  ruby

DEPENDENCIES
  feedvalidator!
  rake
